GEM
  remote: https://rubygems.org/
  specs:
    ejson (1.0.1)

PLATFORMS
  ruby

DEPENDENCIES
  ejson (~> 1.0.0)

BUNDLED WITH
   1.11.2
